GEM
  remote: https://rubygems.org/
  specs:
    rubyzip (2.3.2)

PLATFORMS
  x86_64-darwin-22

DEPENDENCIES
  rubyzip (~> 2.3)

BUNDLED WITH
   2.2.3
